GIT
  remote: git://github.com/randland/progressbar
  revision: 2d704f5d6113f92d073455d9e32c242685c09fde
  specs:
    progressbar (0.9.2)
      colorful (>= 0.0.2)

GEM
  remote: http://rubygems.org/
  specs:
    activemodel (3.2.9)
      activesupport (= 3.2.9)
      builder (~> 3.0.0)
    activerecord (3.2.9)
      activemodel (= 3.2.9)
      activesupport (= 3.2.9)
      arel (~> 3.0.2)
      tzinfo (~> 0.3.29)
    activerecord-jdbc-adapter (1.2.2.1)
    activerecord-jdbcmysql-adapter (1.2.2.1)
      activerecord-jdbc-adapter (~> 1.2.2.1)
      jdbc-mysql (~> 5.1.0)
    activesupport (3.2.9)
      i18n (~> 0.6)
      multi_json (~> 1.0)
    arel (3.0.2)
    builder (3.0.4)
    chunky_png (1.2.5)
    color (1.4.1)
    colorful (0.0.3)
    diff-lcs (1.1.3)
    i18n (0.6.1)
    jdbc-mysql (5.1.13)
    metaclass (0.0.1)
    mocha (0.12.0)
      metaclass (~> 0.0.1)
    multi_json (1.3.7)
    rspec (2.10.0)
      rspec-core (~> 2.10.0)
      rspec-expectations (~> 2.10.0)
      rspec-mocks (~> 2.10.0)
    rspec-core (2.10.1)
    rspec-expectations (2.10.0)
      diff-lcs (~> 1.1.3)
    rspec-mocks (2.10.1)
    simple-random (0.9.3)
    tzinfo (0.3.35)

PLATFORMS
  java
  ruby

DEPENDENCIES
  activerecord
  activerecord-jdbcmysql-adapter
  chunky_png
  color
  mocha
  mysql2
  progressbar!
  rspec
  ruby-prof
  simple-random
