GIT
  remote: git://github.com/randland/progressbar
  revision: 2d704f5d6113f92d073455d9e32c242685c09fde
  specs:
    progressbar (0.9.2)
      colorful (>= 0.0.2)

GEM
  remote: http://rubygems.org/
  specs:
    chunky_png (1.2.5)
    coderay (1.0.7)
    color (1.4.1)
    colorful (0.0.3)
    diff-lcs (1.1.3)
    metaclass (0.0.1)
    method_source (0.8)
    mocha (0.12.0)
      metaclass (~> 0.0.1)
    pry (0.9.10)
      coderay (~> 1.0.5)
      method_source (~> 0.8)
      slop (~> 3.3.1)
    rspec (2.10.0)
      rspec-core (~> 2.10.0)
      rspec-expectations (~> 2.10.0)
      rspec-mocks (~> 2.10.0)
    rspec-core (2.10.1)
    rspec-expectations (2.10.0)
      diff-lcs (~> 1.1.3)
    rspec-mocks (2.10.1)
    ruby-prof (0.11.2)
    simple-random (0.9.3)
    slop (3.3.3)

PLATFORMS
  ruby

DEPENDENCIES
  chunky_png
  color
  mocha
  progressbar!
  pry
  rspec
  ruby-prof
  simple-random
